GEM
  remote: https://rubygems.org/
  specs:
    minitest (5.4.3)
    rake (10.4.0)

PLATFORMS
  ruby

DEPENDENCIES
  minitest (~> 5.4.3)
  rake (~> 10.4.0)
